GEM
  remote: https://rubygems.org/
  specs:
    benchmark-ips (2.13.0)
    commonmarker (1.1.2-aarch64-linux)
    commonmarker (1.1.2-arm64-darwin)
    commonmarker (1.1.2-x86_64-darwin)
    commonmarker (1.1.2-x86_64-linux)
    kramdown (2.4.0)
      rexml
    kramdown-parser-gfm (1.1.0)
      kramdown (~> 2.0)
    markly (0.10.0)
    rake (13.1.0)
    redcarpet (3.6.0)
    rexml (3.2.6)

PLATFORMS
  aarch64-linux
  arm64-darwin
  x86_64-darwin
  x86_64-linux

DEPENDENCIES
  benchmark-ips
  commonmarker
  kramdown
  kramdown-parser-gfm
  markly
  rake
  redcarpet

BUNDLED WITH
   2.5.6
